GEM
  remote: http://rubygems.org/
  specs:
    concurrent-ruby (1.1.9)
    deep_merge (1.2.1)
    diff-lcs (1.2.4)
    facter (2.5.7)
    fast_gettext (1.8.0)
    hiera (3.7.0)
    highline (1.6.20)
    hocon (1.3.1)
    httpclient (2.8.3)
    json (1.8.1)
    librarian (0.1.1)
      highline
      thor (~> 0.15)
    librarian-puppet-maestrodev (0.9.11.1)
      json
      librarian (>= 0.1.1)
    locale (2.1.3)
    multi_json (1.15.0)
    puppet (6.25.1)
      concurrent-ruby (~> 1.0)
      deep_merge (~> 1.0)
      facter (> 2.0.1, < 5)
      fast_gettext (~> 1.1)
      hiera (>= 3.2.1, < 4)
      httpclient (~> 2.8)
      locale (~> 2.1)
      multi_json (~> 1.10)
      puppet-resource_api (~> 1.5)
      semantic_puppet (~> 1.0)
    puppet-lint (0.3.2)
    puppet-resource_api (1.8.14)
      hocon (>= 1.0)
    rake (10.0.4)
    rspec (2.13.0)
      rspec-core (~> 2.13.0)
      rspec-expectations (~> 2.13.0)
      rspec-mocks (~> 2.13.0)
    rspec-core (2.13.1)
    rspec-expectations (2.13.0)
      diff-lcs (>= 1.1.3, < 2.0)
    rspec-mocks (2.13.1)
    rspec-puppet (0.1.6)
      rspec
    semantic_puppet (1.0.4)
    thor (0.18.1)

PLATFORMS
  ruby

DEPENDENCIES
  librarian-puppet-maestrodev
  puppet (>= 2.7)
  puppet-lint (>= 0.1.13)
  rake
  rspec-puppet
