GEM
  remote: http://rubygems.org/
  specs:
    diff-lcs (1.2.4)
    facter (2.5.6)
    hiera (1.3.4)
      json_pure
    highline (1.6.20)
    json (1.8.1)
    json_pure (2.2.0)
    librarian (0.1.1)
      highline
      thor (~> 0.15)
    librarian-puppet-maestrodev (0.9.11.1)
      json
      librarian (>= 0.1.1)
    puppet (3.6.2)
      facter (> 1.6, < 3)
      hiera (~> 1.0)
      json_pure
      rgen (~> 0.6.5)
    puppet-lint (0.3.2)
    rake (10.0.4)
    rgen (0.6.6)
    rspec (2.13.0)
      rspec-core (~> 2.13.0)
      rspec-expectations (~> 2.13.0)
      rspec-mocks (~> 2.13.0)
    rspec-core (2.13.1)
    rspec-expectations (2.13.0)
      diff-lcs (>= 1.1.3, < 2.0)
    rspec-mocks (2.13.1)
    rspec-puppet (0.1.6)
      rspec
    thor (0.18.1)

PLATFORMS
  ruby

DEPENDENCIES
  librarian-puppet-maestrodev
  puppet (>= 2.7)
  puppet-lint (>= 0.1.13)
  rake
  rspec-puppet
